GEM
  remote: https://rubygems.org/
  specs:
    bson (1.10.2)
    builder (3.2.2)
    json (1.8.1)
    mongo (1.10.2)
      bson (= 1.10.2)
    rack (1.5.2)
    rack-protection (1.5.3)
      rack
    sinatra (1.4.5)
      rack (~> 1.4)
      rack-protection (~> 1.4)
      tilt (~> 1.3, >= 1.3.4)
    tilt (1.4.1)

PLATFORMS
  ruby

DEPENDENCIES
  builder
  json
  mongo (= 1.10.2)
  sinatra
